GEM
  remote: https://rubygems.org/
  specs:
    domain_name (0.5.20161129)
      unf (>= 0.0.5, < 1.0.0)
    http-cookie (1.0.3)
      domain_name (~> 0.5)
    json (2.0.2)
    mime-types (2.99.3)
    netrc (0.11.0)
    rest-client (1.8.0)
      http-cookie (>= 1.0.2, < 2.0)
      mime-types (>= 1.16, < 3.0)
      netrc (~> 0.7)
    ruby-pushbullet (0.1.4)
      json
      rest-client (~> 1.8.0)
    sequel (4.41.0)
    simple-rss (1.3.1)
    sqlite3 (1.3.12)
    unf (0.1.4)
      unf_ext
    unf_ext (0.0.7.2)

PLATFORMS
  ruby

DEPENDENCIES
  ruby-pushbullet
  sequel
  simple-rss
  sqlite3

BUNDLED WITH
   1.11.2
